GEM
  remote: https://rubygems.org/
  specs:
    coderay (1.1.3)
    colorize (0.8.1)
    httparty (0.20.0)
      mime-types (~> 3.0)
      multi_xml (>= 0.5.2)
    method_source (1.0.0)
    mime-types (3.4.1)
      mime-types-data (~> 3.2015)
    mime-types-data (3.2022.0105)
    minitest (5.16.3)
    multi_xml (0.6.0)
    nokogiri (1.13.9-x86_64-darwin)
      racc (~> 1.4)
    prettier_print (1.1.0)
    pry (0.14.1)
      coderay (~> 1.1)
      method_source (~> 1.0)
    racc (1.6.0)
    reverse_markdown (2.1.1)
      nokogiri
    syntax_tree (5.0.1)
      prettier_print (>= 1.1.0)

PLATFORMS
  x86_64-darwin-21

DEPENDENCIES
  colorize
  httparty
  minitest
  nokogiri
  pry
  reverse_markdown
  syntax_tree

BUNDLED WITH
   2.3.7
